PATH
  remote: .
  specs:
    starscope (1.5.0)
      babel-transpiler (~> 0.7)
      coffee-script (~> 2.4)
      oj (~> 2.9)
      parser (~> 2.2.2)
      rkelly-remix (~> 0.0.7)
      ruby-progressbar (~> 1.5)
      sourcemap (~> 0.1)
      therubyracer (~> 0.12.2)

GEM
  remote: https://rubygems.org/
  specs:
    ast (2.1.0)
    babel-source (5.8.26)
    babel-transpiler (0.7.0)
      babel-source (>= 4.0, < 6)
      execjs (~> 2.0)
    coderay (1.1.0)
    coffee-script (2.4.1)
      coffee-script-source
      execjs
    coffee-script-source (1.9.1.1)
    execjs (2.6.0)
    libv8 (3.16.14.11)
    metaclass (0.0.4)
    method_source (0.8.2)
    minitest (5.8.0)
    mocha (1.1.0)
      metaclass (~> 0.0.1)
    oj (2.12.14)
    parser (2.2.2.6)
      ast (>= 1.1, < 3.0)
    pry (0.10.1)
      coderay (~> 1.1.0)
      method_source (~> 0.8.1)
      slop (~> 3.4)
    rake (10.4.2)
    ref (2.0.0)
    rkelly-remix (0.0.7)
    ruby-progressbar (1.7.5)
    slop (3.6.0)
    sourcemap (0.1.1)
    therubyracer (0.12.2)
      libv8 (~> 3.16.14.0)
      ref

PLATFORMS
  ruby

DEPENDENCIES
  bundler (~> 1.7)
  minitest (~> 5.8)
  mocha (~> 1.1)
  pry (~> 0.10.1)
  rake (~> 10.4)
  starscope!
